GEM
  remote: https://rubygems.org/
  specs:
    base64 (0.2.0)
    bcrypt (3.1.20)
    bigdecimal (3.1.9)
    coderay (1.1.3)
    diff-lcs (1.6.0)
    dotenv (3.1.7)
    jwt (2.10.1)
      base64
    logger (1.6.6)
    method_source (1.1.0)
    mini_portile2 (2.8.8)
    nio4r (2.7.4)
    pry (0.15.2)
      coderay (~> 1.1)
      method_source (~> 1.0)
    puma (6.6.0)
      nio4r (~> 2.0)
    rack (3.1.10)
    rack-test (2.2.0)
      rack (>= 1.3)
    rspec (3.13.0)
      rspec-core (~> 3.13.0)
      rspec-expectations (~> 3.13.0)
      rspec-mocks (~> 3.13.0)
    rspec-core (3.13.3)
      rspec-support (~> 3.13.0)
    rspec-expectations (3.13.3)
      diff-lcs (>= 1.2.0, < 2.0)
      rspec-support (~> 3.13.0)
    rspec-mocks (3.13.2)
      diff-lcs (>= 1.2.0, < 2.0)
      rspec-support (~> 3.13.0)
    rspec-support (3.13.2)
    sequel (5.89.0)
      bigdecimal
    sqlite3 (2.6.0)
      mini_portile2 (~> 2.8.0)
    sqlite3 (2.6.0-x86_64-linux-gnu)
    warden (1.2.9)
      rack (>= 2.0.9)

PLATFORMS
  ruby
  x86_64-linux

DEPENDENCIES
  bcrypt
  dotenv
  jwt
  logger
  pry
  puma
  rack
  rack-test
  rspec
  sequel
  sqlite3
  warden

BUNDLED WITH
   2.6.5
